GEM
  remote: https://rubygems.org/
  specs:
    dotenv (2.0.2)
    httparty (0.13.5)
      json (~> 1.8)
      multi_xml (>= 0.5.2)
    json (1.8.3)
    multi_xml (0.5.5)
    mysql2 (0.4.1)

PLATFORMS
  ruby

DEPENDENCIES
  dotenv
  httparty
  mysql2
