GEM
  remote: https://rubygems.org/
  specs:
    dotenv (2.0.2)
    httparty (0.13.5)
      json (~> 1.8)
      multi_xml (>= 0.5.2)
    json (1.8.3)
    mini_portile (0.6.2)
    multi_xml (0.5.5)
    tiny_tds (0.7.0)
      mini_portile (= 0.6.2)

PLATFORMS
  ruby

DEPENDENCIES
  dotenv
  httparty
  tiny_tds
